PATH
  remote: .
  specs:
    ext_bundler (2.0.5)

GEM
  remote: https://rubygems.org/
  specs:

PLATFORMS
  ruby

DEPENDENCIES
  bundler
  ext_bundler!

BUNDLED WITH
   1.15.4
