PATH
  remote: .
  specs:
    ext_bundler (2.0.6)
      bundler

GEM
  remote: https://rubygems.org/
  specs:

PLATFORMS
  ruby

DEPENDENCIES
  ext_bundler!

BUNDLED WITH
   1.15.4
